PATH
  remote: .
  specs:
    url_verifier (0.0.1.pre.rc.03)
      activesupport (~> 5.2)
      crm_formatter (~> 2.62)
      curb (~> 0.9.6)
      net-ping (~> 1.7, >= 1.7.8)
      utf8_sanitizer (~> 2.16)

GEM
  remote: https://rubygems.org/
  specs:
    activesupport (5.2.0)
      concurrent-ruby (~> 1.0, >= 1.0.2)
      i18n (>= 0.7, < 2)
      minitest (~> 5.1)
      tzinfo (~> 1.1)
    coderay (1.1.2)
    concurrent-ruby (1.0.5)
    crm_formatter (2.62)
      activesupport (~> 5.2)
      utf8_sanitizer (~> 2.16)
    curb (0.9.6)
    diff-lcs (1.3)
    i18n (1.0.1)
      concurrent-ruby (~> 1.0)
    method_source (0.9.0)
    minitest (5.11.3)
    net-ping (1.7.8)
    pry (0.11.3)
      coderay (~> 1.1.0)
      method_source (~> 0.9.0)
    rake (12.3.1)
    rspec (3.7.0)
      rspec-core (~> 3.7.0)
      rspec-expectations (~> 3.7.0)
      rspec-mocks (~> 3.7.0)
    rspec-core (3.7.1)
      rspec-support (~> 3.7.0)
    rspec-expectations (3.7.0)
      diff-lcs (>= 1.2.0, < 2.0)
      rspec-support (~> 3.7.0)
    rspec-mocks (3.7.0)
      diff-lcs (>= 1.2.0, < 2.0)
      rspec-support (~> 3.7.0)
    rspec-support (3.7.1)
    thread_safe (0.3.6)
    tzinfo (1.2.5)
      thread_safe (~> 0.1)
    utf8_sanitizer (2.16)
      activesupport (~> 5.2)

PLATFORMS
  ruby

DEPENDENCIES
  bundler (~> 1.16, >= 1.16.2)
  pry (~> 0.11.3)
  rake (~> 12.3, >= 12.3.1)
  rspec (~> 3.7)
  url_verifier!

BUNDLED WITH
   1.16.2
